GIT
  remote: git://github.com/follmann/middleman-favicon-maker.git
  revision: e9708073f642baf594d1c7d1a7dabaf35dce6d6b
  specs:
    middleman-favicon-maker (3.0.0)
      favicon_maker (~> 0.0.7)
      middleman-core (>= 3.0.0)

GIT
  remote: git://github.com/middleman/middleman-livereload.git
  revision: 834d4695b89aaf623f023fa7c36e52c374acb1da
  specs:
    middleman-livereload (3.0.0)
      em-websocket (>= 0.2.0)
      middleman-core (~> 3.0.0)
      multi_json (~> 1.0)
      rack-livereload

GEM
  remote: http://rubygems.org/
  specs:
    activesupport (3.2.6)
      i18n (~> 0.6)
      multi_json (~> 1.0)
    addressable (2.3.2)
    chunky_png (1.2.5)
    coffee-script (2.2.0)
      coffee-script-source
      execjs
    coffee-script-source (1.3.3)
    compass (0.12.2)
      chunky_png (~> 1.2)
      fssm (>= 0.2.7)
      sass (~> 3.1)
    em-websocket (0.3.8)
      addressable (>= 2.1.1)
      eventmachine (>= 0.12.9)
    eventmachine (0.12.10)
    execjs (1.4.0)
      multi_json (~> 1.0)
    favicon_maker (0.0.7)
      mini_magick (~> 3.0)
    ffi (1.1.0)
    fssm (0.2.9)
    haml (3.1.6)
    hike (1.2.1)
    http_router (0.10.2)
      rack (>= 1.0.0)
      url_mount (~> 0.2.1)
    i18n (0.6.0)
    listen (0.4.7)
      rb-fchange (~> 0.0.5)
      rb-fsevent (~> 0.9.1)
      rb-inotify (~> 0.8.8)
    maruku (0.6.0)
      syntax (>= 1.0.0)
    middleman (3.0.0)
      middleman-core (= 3.0.0)
      middleman-more (= 3.0.0)
      middleman-sprockets (= 3.0.0)
    middleman-core (3.0.0)
      activesupport (~> 3.2.6)
      bundler (~> 1.1)
      listen (~> 0.4.7)
      rack (~> 1.4.1)
      rack-test (~> 0.6.1)
      thor (~> 0.15.4)
      tilt (~> 1.3.1)
    middleman-more (3.0.0)
      coffee-script (~> 2.2.0)
      coffee-script-source (~> 1.3.3)
      compass (>= 0.12.2)
      execjs (~> 1.4.0)
      haml (>= 3.1.6)
      i18n (~> 0.6.0)
      maruku (~> 0.6.0)
      middleman-core (= 3.0.0)
      padrino-helpers (= 0.10.7)
      sass (>= 3.1.20)
      uglifier (~> 1.2.6)
    middleman-sprockets (3.0.0)
      middleman-more (= 3.0.0)
      sprockets (~> 2.1)
      sprockets-sass (~> 0.8.0)
    mini_magick (3.4)
      subexec (~> 0.2.1)
    multi_json (1.3.6)
    padrino-core (0.10.7)
      activesupport (~> 3.2.0)
      http_router (~> 0.10.2)
      sinatra (~> 1.3.1)
      thor (~> 0.15.2)
      tilt (~> 1.3.0)
    padrino-helpers (0.10.7)
      i18n (~> 0.6)
      padrino-core (= 0.10.7)
    rack (1.4.1)
    rack-livereload (0.3.6)
      rack
    rack-protection (1.2.0)
      rack
    rack-test (0.6.1)
      rack (>= 1.0)
    rb-fchange (0.0.5)
      ffi
    rb-fsevent (0.9.1)
    rb-inotify (0.8.8)
      ffi (>= 0.5.0)
    sass (3.2.0.alpha.275)
    sinatra (1.3.2)
      rack (~> 1.3, >= 1.3.6)
      rack-protection (~> 1.2)
      tilt (~> 1.3, >= 1.3.3)
    sprockets (2.4.5)
      hike (~> 1.2)
      multi_json (~> 1.0)
      rack (~> 1.0)
      tilt (~> 1.1, != 1.3.0)
    sprockets-sass (0.8.0)
      sprockets (~> 2.0)
      tilt (~> 1.1)
    subexec (0.2.2)
    susy (1.0.rc.2)
      compass (>= 0.12.2)
      sass (>= 3.2.0.alpha.247)
    syntax (1.0.0)
    thor (0.15.4)
    tilt (1.3.3)
    uglifier (1.2.6)
      execjs (>= 0.3.0)
      multi_json (~> 1.3)
    url_mount (0.2.1)
      rack

PLATFORMS
  ruby

DEPENDENCIES
  addressable (~> 2.3.2)
  middleman (~> 3.0.0)
  middleman-favicon-maker (~> 3.0.0)!
  middleman-livereload (~> 3.0.0)!
  susy (= 1.0.rc.2)
